GEM
  remote: https://rubygems.org/
  specs:
    addressable (2.3.5)
    httparty (0.12.0)
      json (~> 1.8)
      multi_xml (>= 0.5.2)
    json (1.8.0)
    launchy (2.3.0)
      addressable (~> 2.3)
    mini_portile (0.5.1)
    multi_xml (0.5.5)
    nokogiri (1.6.0)
      mini_portile (~> 0.5.0)

PLATFORMS
  ruby

DEPENDENCIES
  httparty
  launchy
  nokogiri
